GEM
  remote: http://ruby.taobao.org/
  specs:
    domain_name (0.5.24)
      unf (>= 0.0.5, < 1.0.0)
    foreverb (0.3.3)
      thor (>= 0.15.0)
    god (0.13.6)
    http-cookie (1.0.2)
      domain_name (~> 0.5)
    mime-types (2.5)
    netrc (0.10.3)
    rest-client (1.8.0)
      http-cookie (>= 1.0.2, < 2.0)
      mime-types (>= 1.16, < 3.0)
      netrc (~> 0.7)
    thor (0.19.1)
    unf (0.1.4)
      unf_ext
    unf_ext (0.0.7.1)

PLATFORMS
  ruby

DEPENDENCIES
  foreverb
  god
  rest-client
